GEM
  remote: http://rubygems.org/
  specs:
    RedCloth (4.2.9)
    classifier (1.3.3)
      fast-stemmer (>= 1.0.0)
    directory_watcher (1.4.1)
    ethon (0.5.9)
      ffi (~> 1.2.0)
      mime-types (~> 1.18)
    facets (2.9.3)
    fast-stemmer (1.0.2)
    ffi (1.2.1)
    foreman (0.61.0)
      thor (>= 0.13.6)
    jekyll (0.12.0)
      classifier (~> 1.3)
      directory_watcher (~> 1.1)
      kramdown (~> 0.13.4)
      liquid (~> 2.3)
      maruku (~> 0.5)
      pygments.rb (~> 0.3.2)
    kgio (2.8.0)
    kramdown (0.13.8)
    liquid (2.4.1)
    maruku (0.6.1)
      syntax (>= 1.0.0)
    mime-types (1.21)
    nokogiri (1.5.6)
    posix-spawn (0.3.6)
    pygments.rb (0.3.7)
      posix-spawn (~> 0.3.6)
      yajl-ruby (~> 1.1.0)
    rack (1.5.2)
    rack-contrib (1.1.0)
      rack (>= 0.9.1)
    raindrops (0.10.0)
    rake (10.0.3)
    rdiscount (2.0.7)
    syntax (1.0.0)
    thor (0.17.0)
    typhoeus (0.6.1)
      ethon (~> 0.5.9)
    unicorn (4.6.0)
      kgio (~> 2.6)
      rack
      raindrops (~> 0.7)
    yajl-ruby (1.1.0)

PLATFORMS
  ruby

DEPENDENCIES
  RedCloth
  facets
  foreman
  jekyll
  nokogiri
  rack-contrib
  rake
  rdiscount
  typhoeus
  unicorn
