GEM
  remote: https://rubygems.org/
  specs:
    POpen4 (0.1.4)
      Platform (>= 0.4.0)
      open4
    Platform (0.4.0)
    classifier (1.3.3)
      fast-stemmer (>= 1.0.0)
    directory_watcher (1.4.1)
    ethon (0.5.10)
      ffi (~> 1.3.0)
      mime-types (~> 1.18)
    facets (2.9.3)
    fast-stemmer (1.0.2)
    ffi (1.3.1)
    foreman (0.61.0)
      thor (>= 0.13.6)
    jekyll (0.12.1)
      classifier (~> 1.3)
      directory_watcher (~> 1.1)
      kramdown (~> 0.14)
      liquid (~> 2.3)
      maruku (~> 0.5)
      pygments.rb (~> 0.3.2)
    jekyll-asset-pipeline (0.1.6)
      jekyll (~> 0.12)
      liquid (~> 2.4)
    kgio (2.8.0)
    kramdown (0.14.2)
    liquid (2.5.0)
    maruku (0.6.1)
      syntax (>= 1.0.0)
    mime-types (1.21)
    newrelic_rpm (3.5.8.72)
    nokogiri (1.5.6)
    open4 (1.3.0)
    posix-spawn (0.3.6)
    pygmentize (0.0.3)
    pygments.rb (0.3.7)
      posix-spawn (~> 0.3.6)
      yajl-ruby (~> 1.1.0)
    rack (1.5.2)
    rack-contrib (1.1.0)
      rack (>= 0.9.1)
    raindrops (0.10.0)
    rake (10.0.3)
    rdiscount (2.0.7.1)
    sass (3.2.6)
    syntax (1.0.0)
    thor (0.17.0)
    typhoeus (0.6.2)
      ethon (~> 0.5.10)
    unicorn (4.6.2)
      kgio (~> 2.6)
      rack
      raindrops (~> 0.7)
    yajl-ruby (1.1.0)
    yui-compressor (0.9.6)
      POpen4 (>= 0.1.4)

PLATFORMS
  ruby

DEPENDENCIES
  facets
  foreman
  jekyll
  jekyll-asset-pipeline
  newrelic_rpm
  nokogiri
  pygmentize
  rack-contrib
  rake
  rdiscount
  sass
  typhoeus
  unicorn
  yui-compressor
